GEM
  remote: https://rubygems.org/
  specs:
    addressable (2.5.0)
      public_suffix (~> 2.0, >= 2.0.2)
    awesome_print (1.7.0)
    clipboard (1.1.1)
    cookiejar (0.3.3)
    daemons (1.2.4)
    em-http-request (1.1.5)
      addressable (>= 2.3.4)
      cookiejar (!= 0.3.1)
      em-socksify (>= 0.3)
      eventmachine (>= 1.0.3)
      http_parser.rb (>= 0.6.0)
    em-socksify (0.3.1)
      eventmachine (>= 1.0.0.beta.4)
    eventmachine (1.2.2)
    faye-websocket (0.10.6)
      eventmachine (>= 0.12.0)
      websocket-driver (>= 0.5.1)
    forward (1.1.7)
      clipboard (~> 1.1.1)
      em-http-request (~> 1.1.5)
      eventmachine (~> 1.2.1)
      faye-websocket (~> 0.10.5)
      highline (~> 1.7.8)
      json (~> 2.0.2)
      slop (~> 3.6)
      thin (~> 1.7.0)
    highline (1.7.8)
    http_parser.rb (0.6.0)
    httparty (0.14.0)
      multi_xml (>= 0.5.2)
    json (2.0.3)
    multi_xml (0.6.0)
    pg (0.19.0)
    public_suffix (2.0.5)
    rack (1.6.5)
    rack-protection (1.5.3)
      rack
    sinatra (1.4.8)
      rack (~> 1.5)
      rack-protection (~> 1.4)
      tilt (>= 1.3, < 3)
    slop (3.6.0)
    thin (1.7.0)
      daemons (~> 1.0, >= 1.0.9)
      eventmachine (~> 1.0, >= 1.0.4)
      rack (>= 1, < 3)
    tilt (2.0.6)
    websocket-driver (0.6.5)
      websocket-extensions (>= 0.1.0)
    websocket-extensions (0.1.2)

PLATFORMS
  ruby

DEPENDENCIES
  awesome_print
  forward
  httparty
  pg
  sinatra

BUNDLED WITH
   1.14.3
